GEM
  remote: https://rubygems.org/
  specs:
    nio4r (2.5.8)
    puma (5.5.0)
      nio4r (~> 2.0)

PLATFORMS
  x86_64-linux

DEPENDENCIES
  puma (= 5.5.0)

BUNDLED WITH
   2.2.18
