GEM
  remote: https://rubygems.org/
  specs:
    google-protobuf (3.15.8-x86_64-linux)
    pg_query (2.0.1)
      google-protobuf (~> 3.15.5)

PLATFORMS
  x86_64-linux

DEPENDENCIES
  pg_query (= 2.0.1)

BUNDLED WITH
   2.2.22
